GIT
  remote: git://github.com/NREL/bcl-gem.git
  revision: ebd0e86de4feffc4499fe4ae99499caacb9291e1
  branch: develop
  specs:
    bcl (0.5.7)
      archive-tar-minitar
      builder
      faraday
      multi_json
      nokogiri
      roo
      rubyXL
      rubyzip
      uuid
      yamler
      zliby

GEM
  remote: http://rubygems.org/
  specs:
    archive-tar-minitar (0.5.2)
    ast (2.2.0)
    astrolabe (1.3.1)
      parser (~> 2.2)
    builder (3.2.2)
    ci_reporter (2.0.0)
      builder (>= 2.1.2)
    ci_reporter_minitest (1.0.0)
      ci_reporter (~> 2.0)
      minitest (~> 5.0)
    colored (1.2)
    docker-api (1.28.0)
      excon (>= 0.38.0)
      json
    excon (0.49.0)
    faraday (0.9.2)
      multipart-post (>= 1.2, < 3)
    json (1.7.7)
    macaddr (1.7.1)
      systemu (~> 2.6.2)
    mini_portile2 (2.0.0)
    minitest (5.4.3)
    multi_json (1.12.0)
    multipart-post (2.0.0)
    nokogiri (1.6.7.2-x64-mingw32)
      mini_portile2 (~> 2.0.0.rc2)
    nokogiri (1.6.7.2-x86-mingw32)
      mini_portile2 (~> 2.0.0.rc2)
    parser (2.3.1.0)
      ast (~> 2.2)
    powerpack (0.0.9)
    rainbow (2.1.0)
    rake (11.1.2)
    roo (2.3.2)
      nokogiri (~> 1)
      rubyzip (~> 1.1, < 2.0.0)
    rubocop (0.26.1)
      astrolabe (~> 1.3)
      parser (>= 2.2.0.pre.4, < 3.0)
      powerpack (~> 0.0.6)
      rainbow (>= 1.99.1, < 3.0)
      ruby-progressbar (~> 1.4)
    rubocop-checkstyle_formatter (0.1.1)
      rubocop (>= 0.14.0)
    ruby-progressbar (1.8.0)
    rubyXL (3.3.17)
      nokogiri (>= 1.4.4)
      rubyzip (>= 1.1.6)
    rubyzip (1.2.0)
    systemu (2.6.5)
    uuid (2.3.8)
      macaddr (~> 1.0)
    yamler (0.1.0)
    zliby (0.0.5)

PLATFORMS
  x64-mingw32
  x86-mingw32

DEPENDENCIES
  bcl!
  ci_reporter_minitest (~> 1.0.0)
  colored (~> 1.2)
  docker-api
  json (~> 1.7.7)
  minitest (~> 5.4.0)
  rake (~> 11.1.2)
  rubocop (~> 0.26.0)
  rubocop-checkstyle_formatter (~> 0.1.1)
  ruby-prof (~> 0.15.1)

BUNDLED WITH
   1.12.2
