GIT
  remote: http://github.com/shorowit/schematron.git
  revision: 2e26890fa1fc918198270f94abc7caf659d18bb2
  branch: return_context_path
  specs:
    schematron-nokogiri (0.0.2)
      nokogiri (~> 1.6)

GEM
  remote: http://rubygems.org/
  specs:
    ansi (1.5.0)
    ast (2.4.1)
    builder (3.2.3)
    ci_reporter (2.0.0)
      builder (>= 2.1.2)
    ci_reporter_minitest (1.0.0)
      ci_reporter (~> 2.0)
      minitest (~> 5.0)
    codecov (0.1.14)
      json
      simplecov
      url
    docile (1.3.1)
    json (1.8.6)
    mini_portile2 (2.4.0)
    minitest (5.11.3)
    minitest-ci (3.4.0)
      minitest (>= 5.0.6)
    minitest-reporters (1.3.5)
      ansi
      builder
      minitest (>= 5.0)
      ruby-progressbar
    nokogiri (1.10.10)
      mini_portile2 (~> 2.4.0)
    nokogiri (1.10.10-x64-mingw32)
      mini_portile2 (~> 2.4.0)
    oga (3.3)
      ast
      ruby-ll (~> 2.1)
    rake (11.2.2)
    ruby-ll (2.1.2)
      ansi
      ast
    ruby-progressbar (1.10.1)
    simplecov (0.16.1)
      docile (~> 1.1)
      json (>= 1.8, < 3)
      simplecov-html (~> 0.10.0)
    simplecov-html (0.10.2)
    url (0.3.2)

PLATFORMS
  ruby
  x64-mingw32

DEPENDENCIES
  ci_reporter_minitest (~> 1.0.0)
  codecov
  minitest (~> 5.9)
  minitest-ci
  minitest-reporters
  nokogiri (~> 1.10)
  oga
  rake
  schematron-nokogiri!
  simplecov

BUNDLED WITH
   2.1.4
